PATH
  remote: .
  specs:
    strong_parameters_rails2 (0.1.8)
      actionpack (~> 2.3)
      activerecord (~> 2.3)

GEM
  remote: http://rubygems.org/
  specs:
    actionpack (2.3.18)
      activesupport (= 2.3.18)
      rack (~> 1.1.0)
    activerecord (2.3.18)
      activesupport (= 2.3.18)
    activesupport (2.3.18)
    bump (0.3.5)
    metaclass (0.0.1)
    mocha (0.12.0)
      metaclass (~> 0.0.1)
    rack (1.1.6)
    rake (0.9.2.2)
    sqlite3 (1.3.6)

PLATFORMS
  ruby

DEPENDENCIES
  bump
  mocha
  rake
  sqlite3
  strong_parameters_rails2!
